GEM
  remote: http://rubygems.org/
  specs:
    hominid (3.0.2)
    rack (1.3.5)
    rack-google-analytics (0.9.2)
    rack-protection (1.1.4)
      rack
    sinatra (1.3.1)
      rack (~> 1.3, >= 1.3.4)
      rack-protection (~> 1.1, >= 1.1.2)
      tilt (~> 1.3, >= 1.3.3)
    tilt (1.3.3)

PLATFORMS
  ruby

DEPENDENCIES
  hominid (~> 3.0.2)
  rack-google-analytics (~> 0.9.2)
  sinatra (~> 1.3.1)
